GEM
  remote: http://rubygems.org/
  specs:
    bluecloth (2.0.10)
    git (1.2.5)
    handsoap (1.1.8)
    jeweler (1.5.2)
      bundler (~> 1.0.0)
      git (>= 1.2.5)
      rake
    minitest (2.0.2)
    nokogiri (1.4.4)
    rake (0.8.7)
    rcov (0.9.9)
    reek (1.2.8)
      ruby2ruby (~> 1.2)
      ruby_parser (~> 2.0)
      sexp_processor (~> 3.0)
    ruby2ruby (1.2.5)
      ruby_parser (~> 2.0)
      sexp_processor (~> 3.0)
    ruby_parser (2.0.5)
      sexp_processor (~> 3.0)
    sexp_processor (3.0.5)
    yard (0.6.4)
    yardstick (0.2.0)
      yard (~> 0.6.1)

PLATFORMS
  ruby

DEPENDENCIES
  bluecloth (~> 2.0.10)
  bundler (~> 1.0.10)
  handsoap (~> 1.1.8)
  jeweler (~> 1.5.2)
  minitest (~> 2.0.2)
  nokogiri (~> 1.4.4)
  rcov
  reek (~> 1.2.8)
  yard (~> 0.6.4)
  yardstick (~> 0.2.0)
